GEM
  remote: https://rubygems.org/
  specs:
    artii (2.1.2)
    colorize (1.1.0)
    docile (1.4.1)
    pastel (0.8.0)
      tty-color (~> 0.5)
    simplecov (0.22.0)
      docile (~> 1.1)
      simplecov-html (~> 0.11)
      simplecov_json_formatter (~> 0.1)
    simplecov-html (0.13.1)
    simplecov_json_formatter (0.1.4)
    strings (0.2.1)
      strings-ansi (~> 0.2)
      unicode-display_width (>= 1.5, < 3.0)
      unicode_utils (~> 1.4)
    strings-ansi (0.2.0)
    tty-color (0.6.0)
    tty-screen (0.8.2)
    tty-table (0.12.0)
      pastel (~> 0.8)
      strings (~> 0.2.0)
      tty-screen (~> 0.8)
    unicode-display_width (2.5.0)
    unicode_utils (1.4.0)

PLATFORMS
  arm64-darwin-23
  ruby

DEPENDENCIES
  artii
  colorize
  simplecov
  tty-table

BUNDLED WITH
   2.5.18
